GEM
  remote: https://rubygems.org/
  specs:
    color_divider (0.0.3)
      hex_to_rgb (= 0.1.0)
      rgb_to_hex_color (= 0.0.1)
    diff-lcs (1.2.5)
    dotenv (0.11.1)
      dotenv-deployment (~> 0.0.2)
    dotenv-deployment (0.0.2)
    foreman (0.74.0)
      dotenv (~> 0.11.1)
      thor (~> 0.19.1)
    hex_to_rgb (0.1.0)
    rack (1.5.2)
    rack-cors (0.2.9)
    rack-protection (1.5.3)
      rack
    rake (10.3.2)
    rgb_to_hex_color (0.0.1)
    rspec (3.0.0)
      rspec-core (~> 3.0.0)
      rspec-expectations (~> 3.0.0)
      rspec-mocks (~> 3.0.0)
    rspec-core (3.0.2)
      rspec-support (~> 3.0.0)
    rspec-expectations (3.0.2)
      diff-lcs (>= 1.2.0, < 2.0)
      rspec-support (~> 3.0.0)
    rspec-mocks (3.0.2)
      rspec-support (~> 3.0.0)
    rspec-support (3.0.2)
    sinatra (1.4.5)
      rack (~> 1.4)
      rack-protection (~> 1.4)
      tilt (~> 1.3, >= 1.3.4)
    thor (0.19.1)
    tilt (1.4.1)

PLATFORMS
  ruby

DEPENDENCIES
  color_divider (= 0.0.3)
  foreman (~> 0.74.0)
  rack-cors (~> 0.2.9)
  rake (~> 10.3.2)
  rspec (~> 3.0.0)
  sinatra (~> 1.4.5)

RUBY VERSION
   ruby 2.7.0p0

BUNDLED WITH
   2.1.4
